GEM
  remote: https://rubygems.org/
  specs:
    addressable (2.5.0)
      public_suffix (~> 2.0, >= 2.0.2)
    httparty (0.14.0)
      multi_xml (>= 0.5.2)
    json-schema (2.7.0)
      addressable (>= 2.4)
    multi_xml (0.6.0)
    public_suffix (2.0.4)

PLATFORMS
  ruby

DEPENDENCIES
  httparty
  json-schema

BUNDLED WITH
   1.13.6
